GEM
  remote: https://rubygems.org/
  specs:
    aws-sdk (2.10.35)
      aws-sdk-resources (= 2.10.35)
    aws-sdk-core (2.10.35)
      aws-sigv4 (~> 1.0)
      jmespath (~> 1.0)
    aws-sdk-resources (2.10.35)
      aws-sdk-core (= 2.10.35)
    aws-sigv4 (1.0.1)
    backports (3.8.0)
    cicero (0.0.1)
    coderay (1.1.1)
    coolline (0.5.0)
      unicode_utils (~> 1.4)
    daemons (1.2.4)
    elasticsearch (5.0.4)
      elasticsearch-api (= 5.0.4)
      elasticsearch-transport (= 5.0.4)
    elasticsearch-api (5.0.4)
      multi_json
    elasticsearch-transport (5.0.4)
      faraday
      multi_json
    eventmachine (1.2.5)
    faraday (0.13.1)
      multipart-post (>= 1.2, < 3)
    faraday_middleware (0.12.2)
      faraday (>= 0.7.4, < 1.0)
    faraday_middleware-aws-signers-v4 (0.1.7)
      aws-sdk-resources (~> 2)
      faraday (~> 0.9)
    hashie (2.0.5)
    jmespath (1.3.1)
    macaddr (1.7.1)
      systemu (~> 2.6.2)
    method_source (0.8.2)
    multi_json (1.12.1)
    multipart-post (2.0.0)
    mustermann (1.0.1)
    pry (0.10.4)
      coderay (~> 1.1.0)
      method_source (~> 0.8.1)
      slop (~> 3.4)
    pry-coolline (0.2.5)
      coolline (~> 0.5)
    rack (2.0.3)
    rack-protection (2.0.0)
      rack
    sinatra (2.0.0)
      mustermann (~> 1.0)
      rack (~> 2.0)
      rack-protection (= 2.0.0)
      tilt (~> 2.0)
    sinatra-contrib (2.0.0)
      backports (>= 2.0)
      multi_json
      mustermann (~> 1.0)
      rack-protection (= 2.0.0)
      sinatra (= 2.0.0)
      tilt (>= 1.3, < 3)
    slim (3.0.8)
      temple (>= 0.7.6, < 0.9)
      tilt (>= 1.3.3, < 2.1)
    slop (3.6.0)
    systemu (2.6.5)
    temple (0.8.0)
    thin (1.7.2)
      daemons (~> 1.0, >= 1.0.9)
      eventmachine (~> 1.0, >= 1.0.4)
      rack (>= 1, < 3)
    tilt (2.0.8)
    unicode_utils (1.4.0)
    uuid (2.3.8)
      macaddr (~> 1.0)

PLATFORMS
  ruby

DEPENDENCIES
  aws-sdk
  cicero
  elasticsearch
  faraday_middleware
  faraday_middleware-aws-signers-v4
  hashie
  pry
  pry-coolline
  sinatra
  sinatra-contrib
  slim
  thin
  uuid

BUNDLED WITH
   1.12.5
