GEM
  remote: https://rubygems.org/
  specs:
    backports (3.8.0)
    cicero (0.0.1)
    coderay (1.1.1)
    coolline (0.5.0)
      unicode_utils (~> 1.4)
    daemons (1.2.4)
    eventmachine (1.2.5)
    excon (0.25.3)
    faraday (0.8.8)
      multipart-post (~> 1.2.0)
    faraday_middleware (0.9.0)
      faraday (>= 0.7.4, < 0.9)
    faraday_middleware-multi_json (0.0.5)
      faraday_middleware
      multi_json
    hashie (2.0.5)
    method_source (0.8.2)
    multi_json (1.8.0)
    multipart-post (1.2.0)
    pry (0.10.4)
      coderay (~> 1.1.0)
      method_source (~> 0.8.1)
      slop (~> 3.4)
    pry-coolline (0.2.5)
      coolline (~> 0.5)
    rack (1.5.2)
    rack-protection (1.5.0)
      rack
    rack-test (0.7.0)
      rack (>= 1.0, < 3)
    sinatra (1.4.3)
      rack (~> 1.4)
      rack-protection (~> 1.4)
      tilt (~> 1.3, >= 1.3.4)
    sinatra-contrib (1.4.7)
      backports (>= 2.0)
      multi_json
      rack-protection
      rack-test
      sinatra (~> 1.4.0)
      tilt (>= 1.3, < 3)
    slim (3.0.7)
      temple (~> 0.7.6)
      tilt (>= 1.3.3, < 2.1)
    slop (3.6.0)
    stretcher (1.20.1)
      excon (>= 0.16)
      faraday (~> 0.8)
      faraday_middleware (~> 0.9.0)
      faraday_middleware-multi_json (~> 0.0.5)
      hashie (>= 1.2.0)
      multi_json (>= 1.0)
    temple (0.7.7)
    thin (1.7.2)
      daemons (~> 1.0, >= 1.0.9)
      eventmachine (~> 1.0, >= 1.0.4)
      rack (>= 1, < 3)
    tilt (1.4.1)
    unicode_utils (1.4.0)

PLATFORMS
  ruby

DEPENDENCIES
  cicero
  pry
  pry-coolline
  sinatra
  sinatra-contrib
  slim
  stretcher
  thin

BUNDLED WITH
   1.12.5
